GEM
  remote: https://rubygems.org/
  specs:
    autoprefixer-rails (4.0.2.2)
      execjs
    chunky_png (1.3.4)
    compass (1.0.3)
      chunky_png (~> 1.2)
      compass-core (~> 1.0.2)
      compass-import-once (~> 1.0.5)
      rb-fsevent (>= 0.9.3)
      rb-inotify (>= 0.9)
      sass (>= 3.3.13, < 3.5)
    compass-core (1.0.3)
      multi_json (~> 1.0)
      sass (>= 3.3.0, < 3.5)
    compass-growl (0.1.1)
      compass (>= 0.12)
      ruby_gntp
    compass-import-once (1.0.5)
      sass (>= 3.2, < 3.5)
    execjs (2.5.2)
    ffi (1.9.8)
    multi_json (1.11.0)
    oily_png (1.1.2)
      chunky_png (~> 1.3.1)
    rb-fsevent (0.9.5)
    rb-inotify (0.9.5)
      ffi (>= 0.5.0)
    ruby_gntp (0.3.4)
    sass (3.4.14)
    sass-globbing (1.1.1)
      sass (>= 3.1)

PLATFORMS
  ruby

DEPENDENCIES
  autoprefixer-rails (~> 4.0.1)
  compass (= 1.0.3)
  compass-growl (~> 0.1.1)
  oily_png (~> 1.1.0)
  sass (= 3.4.14)
  sass-globbing (= 1.1.1)
